PATH
  remote: .
  specs:
    upserv_foundations (0.0.0.106)

GEM
  remote: https://rubygems.org/
  specs:
    ast (2.4.2)
    ffi (1.15.5)
    font-awesome-sass (6.4.0)
      sassc (~> 2.0)
    json (2.6.3)
    minitest (5.18.0)
    parallel (1.23.0)
    parser (3.2.2.3)
      ast (~> 2.4.1)
      racc
    racc (1.7.1)
    rainbow (3.1.1)
    rake (13.0.6)
    regexp_parser (2.8.1)
    rexml (3.2.5)
    rubocop (1.52.1)
      json (~> 2.3)
      parallel (~> 1.10)
      parser (>= 3.2.2.3)
      rainbow (>= 2.2.2, < 4.0)
      regexp_parser (>= 1.8, < 3.0)
      rexml (>= 3.2.5, < 4.0)
      rubocop-ast (>= 1.28.0, < 2.0)
      ruby-progressbar (~> 1.7)
      unicode-display_width (>= 2.4.0, < 3.0)
    rubocop-ast (1.29.0)
      parser (>= 3.2.1.0)
    ruby-progressbar (1.13.0)
    sassc (2.4.0)
      ffi (~> 1.9)
    unicode-display_width (2.4.2)

PLATFORMS
  x86_64-darwin-20

DEPENDENCIES
  font-awesome-sass (~> 6.4.0)
  minitest (~> 5.0)
  rake (~> 13.0)
  rubocop (~> 1.21)
  upserv_foundations!

BUNDLED WITH
   2.4.14
